PATH
  remote: .
  specs:
    nauvisian (0.1.0)
      dry-cli (~> 1.0)
      dry-inflector (~> 1.0)
      gdbm (~> 2.1)
      rack (~> 3.0)
      retriable (~> 3.1.2)
      ruby-progressbar (~> 1.11)
      rubyzip (~> 2.3)

GEM
  remote: https://rubygems.org/
  specs:
    addressable (2.8.1)
      public_suffix (>= 2.0.2, < 6.0)
    ast (2.4.2)
    concurrent-ruby (1.2.0)
    crack (0.4.5)
      rexml
    debug (1.7.1)
      irb (>= 1.5.0)
      reline (>= 0.3.1)
    diff-lcs (1.5.0)
    docile (1.4.0)
    dry-cli (1.0.0)
    dry-inflector (1.0.0)
    fabrication (2.30.0)
    faker (3.1.0)
      i18n (>= 1.8.11, < 2)
    gdbm (2.1.0)
    hashdiff (1.0.1)
    i18n (1.12.0)
      concurrent-ruby (~> 1.0)
    io-console (0.6.0)
    irb (1.6.2)
      reline (>= 0.3.0)
    json (2.6.3)
    parallel (1.22.1)
    parser (3.2.0.0)
      ast (~> 2.4.1)
    public_suffix (5.0.1)
    rack (3.0.4.1)
    rainbow (3.1.1)
    rake (13.0.6)
    regexp_parser (2.6.2)
    reline (0.3.2)
      io-console (~> 0.5)
    retriable (3.1.2)
    rexml (3.2.5)
    rspec (3.12.0)
      rspec-core (~> 3.12.0)
      rspec-expectations (~> 3.12.0)
      rspec-mocks (~> 3.12.0)
    rspec-core (3.12.0)
      rspec-support (~> 3.12.0)
    rspec-expectations (3.12.2)
      diff-lcs (>= 1.2.0, < 2.0)
      rspec-support (~> 3.12.0)
    rspec-mocks (3.12.3)
      diff-lcs (>= 1.2.0, < 2.0)
      rspec-support (~> 3.12.0)
    rspec-support (3.12.0)
    rubocop (1.44.1)
      json (~> 2.3)
      parallel (~> 1.10)
      parser (>= 3.2.0.0)
      rainbow (>= 2.2.2, < 4.0)
      regexp_parser (>= 1.8, < 3.0)
      rexml (>= 3.2.5, < 4.0)
      rubocop-ast (>= 1.24.1, < 2.0)
      ruby-progressbar (~> 1.7)
      unicode-display_width (>= 2.4.0, < 3.0)
    rubocop-ast (1.24.1)
      parser (>= 3.1.1.0)
    rubocop-capybara (2.17.0)
      rubocop (~> 1.41)
    rubocop-performance (1.15.2)
      rubocop (>= 1.7.0, < 2.0)
      rubocop-ast (>= 0.4.0)
    rubocop-rake (0.6.0)
      rubocop (~> 1.0)
    rubocop-rspec (2.18.1)
      rubocop (~> 1.33)
      rubocop-capybara (~> 2.17)
    ruby-progressbar (1.11.0)
    rubyzip (2.3.2)
    simplecov (0.22.0)
      docile (~> 1.1)
      simplecov-html (~> 0.11)
      simplecov_json_formatter (~> 0.1)
    simplecov-html (0.12.3)
    simplecov_json_formatter (0.1.4)
    unicode-display_width (2.4.2)
    webmock (3.18.1)
      addressable (>= 2.8.0)
      crack (>= 0.3.2)
      hashdiff (>= 0.4.0, < 2.0.0)

PLATFORMS
  arm64-darwin-21
  x86_64-linux

DEPENDENCIES
  debug
  fabrication
  faker
  nauvisian!
  rake
  rspec
  rubocop
  rubocop-performance
  rubocop-rake
  rubocop-rspec
  simplecov
  webmock

BUNDLED WITH
   2.4.3
